GEM
  remote: https://rubygems.org/
  specs:
    amq-protocol (2.3.0)
    bunny (2.14.1)
      amq-protocol (~> 2.3, >= 2.3.0)

PLATFORMS
  ruby
  x64-mingw32

DEPENDENCIES
  bunny (>= 2.12.0, < 3.0)

RUBY VERSION
   ruby 2.5.3p105

BUNDLED WITH
   2.0.1
